GEM
  remote: http://rubygems.org/
  specs:
    haml (4.0.0)
      tilt
    jsmin (1.0.1)
    newrelic_rpm (3.4.0)
    rack (1.5.2)
    rack-protection (1.3.2)
      rack
    rack-test (0.6.2)
      rack (>= 1.0)
    sinatra (1.3.5)
      rack (~> 1.4)
      rack-protection (~> 1.3)
      tilt (~> 1.3, >= 1.3.3)
    sinatra-assetpack (0.1.5)
      jsmin
      rack-test
      sinatra
      tilt (>= 1.3.0)
    tilt (1.3.3)

PLATFORMS
  ruby

DEPENDENCIES
  haml
  newrelic_rpm
  sinatra
  sinatra-assetpack
